GEM
  remote: http://rubygems.org/
  specs:
    compass (0.10.5)
      haml (>= 3.0.4)
    cri (1.0.1)
    haml (3.0.22)
    mime-types (1.16)
    nanoc (3.1.5)
      nanoc3 (>= 3.1.5)
    nanoc3 (3.1.5)
      cri (>= 1.0.0)

PLATFORMS
  ruby

DEPENDENCIES
  compass (~> 0.10)
  mime-types
  nanoc
